GEM
  remote: https://rubygems.org/
  specs:
    review (1.6.0)
    review-peg (0.2.2)

PLATFORMS
  ruby

DEPENDENCIES
  review (= 1.6.0)
  review-peg (= 0.2.2)

BUNDLED WITH
   1.10.6
