GIT
  remote: https://github.com/kmuto/review.git
  revision: 7616126a35974fcd63832792d9c1e4f06cccaee5
  specs:
    review (1.7.1)

GEM
  remote: https://rubygems.org/
  specs:
    review-peg (0.2.2)

PLATFORMS
  ruby

DEPENDENCIES
  review!
  review-peg (= 0.2.2)

BUNDLED WITH
   1.10.6
