GEM
  remote: https://rubygems.org/
  specs:
    review-peg (0.1.1)

PLATFORMS
  ruby

DEPENDENCIES
  review-peg (= 0.1.1)

BUNDLED WITH
   1.10.6
