GEM
  remote: https://rubygems.org/
  specs:
    review-peg (0.2.0)

PLATFORMS
  ruby

DEPENDENCIES
  review-peg (= 0.2.0)

BUNDLED WITH
   1.10.6
