GEM
  remote: https://rubygems.org/
  specs:
    review (1.6.0)

PLATFORMS
  ruby

DEPENDENCIES
  review (= 1.6.0)

BUNDLED WITH
   1.10.6
